PATH
  remote: .
  specs:
    caruby-small (1.1.2)
      bundler
      caruby-tissue (>= 2.1.4)
      rack
      sinatra
      sinatra-authorization

PATH
  remote: /Users/loneyf/workspace/caruby/core
  specs:
    caruby-core (2.1.3)
      bundler
      jinx (~> 2.1.1)
      jinx-json (~> 2.1.1)
      jinx-migrate (>= 2.1.1)
      rdbi

PATH
  remote: /Users/loneyf/workspace/caruby/tissue
  specs:
    caruby-tissue (2.1.5)
      bundler
      caruby-core (>= 2.1.1)
      uom (>= 1.2.2)

PATH
  remote: /Users/loneyf/workspace/jinx/core
  specs:
    jinx (2.1.3)
      bundler

PATH
  remote: /Users/loneyf/workspace/jinx/json
  specs:
    jinx-json (2.1.2)
      bundler
      jinx
      json_pure

PATH
  remote: /Users/loneyf/workspace/jinx/migrate
  specs:
    jinx-migrate (2.1.2)
      bundler
      fastercsv
      rack

GEM
  remote: http://rubygems.org/
  specs:
    diff-lcs (1.1.3)
    epoxy (0.3.1)
    extensional (1.3.1)
    fastercsv (1.5.5)
    json_pure (1.7.3)
    methlab (0.1.0)
    rack (1.4.1)
    rack-test (0.6.1)
      rack (>= 1.0)
    rake (0.9.2)
    rdbi (0.9.1)
      epoxy (>= 0.3.1)
      methlab (>= 0.0.9)
      typelib
    rspec (2.6.0)
      rspec-core (~> 2.6.0)
      rspec-expectations (~> 2.6.0)
      rspec-mocks (~> 2.6.0)
    rspec-core (2.6.4)
    rspec-expectations (2.6.0)
      diff-lcs (~> 1.1.2)
    rspec-mocks (2.6.0)
    sinatra (1.2.6)
      rack (~> 1.1)
      tilt (>= 1.2.2, < 2.0)
    sinatra-authorization (1.0.0)
      sinatra (>= 0.9.1.1)
    tilt (1.3.3)
    typelib (0.1.0)
    uom (1.2.2)
      extensional
    yard (0.7.5)

PLATFORMS
  java
  ruby

DEPENDENCIES
  caruby-core!
  caruby-small!
  caruby-tissue!
  jinx!
  jinx-json!
  jinx-migrate!
  rack-test
  rake
  rspec (>= 2.6)
  sinatra (= 1.2.6)
  yard
